GEM
  remote: https://rubygems.org/
  specs:
    highline (1.7.8)
    httparty (0.13.7)
      json (~> 1.8)
      multi_xml (>= 0.5.2)
    json (1.8.3)
    multi_xml (0.5.5)
    trollop (2.1.2)

PLATFORMS
  ruby

DEPENDENCIES
  highline
  httparty
  trollop

BUNDLED WITH
   1.11.2
